GEM
  remote: https://rubygems.org/
  specs:
    hornetseye-frame (1.0.0)
      malloc (~> 1.1)
      multiarray (~> 1.0)
    hornetseye-v4l2 (1.0.2)
      hornetseye-frame (~> 1.0)
      malloc (~> 1.1)
      multiarray (~> 1.0)
    hornetseye-xorg (1.0.2)
      hornetseye-frame (~> 1.0)
      malloc (~> 1.1)
      multiarray (~> 1.0)
    malloc (1.4.0)
    multiarray (1.0.1)
      malloc (~> 1.1)

PLATFORMS
  ruby

DEPENDENCIES
  hornetseye-v4l2
  hornetseye-xorg
